PATH
  remote: .
  specs:
    hacker_news_notifier (0.1.0)

GEM
  remote: https://rubygems.org/
  specs:
    minitest (5.8.5)
    rake (10.4.2)

PLATFORMS
  ruby

DEPENDENCIES
  bundler (~> 1.16)
  hacker_news_notifier!
  minitest (~> 5.0)
  rake (~> 10.0)

BUNDLED WITH
   1.16.1
